GEM
  remote: http://rubygems.org/
  specs:
    git (1.2.5)
    jeweler (1.6.4)
      bundler (~> 1.0)
      git (>= 1.2.5)
      rake
    json (1.6.1-java)
    minitest (2.6.1)
    rake (0.9.2.2)
    rcov (0.9.11-java)
    rdoc (3.10)
      json (~> 1.4)

PLATFORMS
  java

DEPENDENCIES
  bundler (~> 1.0.0)
  jeweler (~> 1.6.4)
  minitest
  rcov
  rdoc (>= 2.4.2)
